PATH
  remote: .
  specs:
    susy (3.0.0)
      sass (>= 3.3.0, < 3.5)

GEM
  remote: http://rubygems.org/
  specs:
    rainbow (2.0.0)
    sass (3.4.18)
    scss-lint (0.38.0)
      rainbow (~> 2.0)
      sass (~> 3.4.1)

PLATFORMS
  ruby

DEPENDENCIES
  scss-lint (~> 0.38.0)
  susy!

BUNDLED WITH
   1.10.6
