PATH
  remote: .
  specs:
    susy (2.2.4)
      sass (>= 3.3.0, < 3.5)

GEM
  remote: http://rubygems.org/
  specs:
    sass (3.4.9)

PLATFORMS
  ruby

DEPENDENCIES
  susy!
